##TITLE=Parameter List, ParaVision 6.0.1
##JCAMPDX=4.24
##DATATYPE=Parameter Values
##ORIGIN=Bruker BioSpin MRI GmbH
##OWNER=xxx
$$ process /opt/PV6.0.1/prog/bin/parxserver
##$RECO_mode=USER_MODE
##$RecoAutoDerive=No
##$RecoDim=2
##$RecoObjectsPerRepetition=1
##$RecoObjectsPerSetupStep=1
$$ @vis= RECO_mode RecoAutoDerive RecoDim RecoObjectsPerRepetition
##$RecoNumRepetitions=1
##$RECO_inp_order=NO_REORDERING
##$RECO_inp_size=( 2 )
128 128
$$ @vis= RecoObjectsPerSetupStep RecoNumRepetitions RECO_inp_order
##$RECO_ft_size=( 2 )
128 128
##$RECO_fov=( 2 )
4 4
##$RECO_size=( 2 )
128 128
##$RECO_offset=( 2, 1 )
0 0
##$RECO_regrid_mode=NO_REGRID
##$RECO_regrid_offset=0
##$RECO_ramp_gap=0
##$RECO_ramp_time=0
##$RECO_ne_mode=NO_NAV_DATA
##$RECO_ne_dist=NeNoInterleave
##$RECO_ne_dens=NeCorrPerScan
##$RECO_ne_type=NAV_PHASE
##$RECO_bc_mode=( 2 )
NO_BC NO_BC
##$RECO_bc_start=( 2 )
54 302
##$RECO_bc_len=( 2 )
17 100
##$RECO_dc_offset=( 2 )
0 0
##$RECO_dc_divisor=1
##$RECO_bc_coroff=( 2 )
0 0
##$RECO_qopts=( 2 )
COMPLEX_CONJUGATE NO_QOPTS
##$RECO_wdw_mode=( 2 )
NO_WDW NO_WDW
$$ @vis= RECO_inp_size RECO_ft_size RECO_fov RECO_size RECO_ne_mode
##$RECO_lb=( 2 )
-0.5 -0.5
##$RECO_sw=( 2 )
100000 1
##$RECO_gb=( 2 )
0.5 0.5
##$RECO_sbs=( 2 )
1 1
##$RECO_tm1=( 2 )
0.25 0.25
##$RECO_tm2=( 2 )
0.75 0.75
##$RECO_ft_mode=( 2 )
COMPLEX_FT COMPLEX_FT
##$RECO_pc_mode=( 2 )
FIRST_ORDER_PC FIRST_ORDER_PC
##$RECO_pc_lin=( 2 )
(0, 180) (0, 180)
##$RECO_rotate=( 2, 1 )
0.5 0.5
##$RECO_ppc_mode=NO_PPC
##$RECO_ref_image=0
##$RECO_nr_supports=0.4
##$RECO_sig_threshold=0.15
##$RECO_ppc_degree=1
##$RECO_ppc_coeffs=( 1, 2, 2 )
0 0 0 0
##$RECO_dc_elim=Yes
##$RECO_transposition=( 1 )
1
$$ @vis= RECO_wdw_mode RECO_ft_mode RECO_pc_mode RECO_pc_lin RECO_rotate
##$RECO_image_type=MAGNITUDE_IMAGE
##$RECO_image_threshold=0.15
##$RECO_ir_scale=10
##$RECO_wordtype=_16BIT_SGN_INT
##$RECO_map_mode=ABSOLUTE_MAPPING
##$RECO_map_range=( 2 )
-2147483647 2147483647
##$RECO_map_percentile=( 2 )
1 99.99
##$RECO_map_error=0.0025
##$RECO_globex=( 1 )
0
##$RECO_minima=( 1 )
0
##$RECO_maxima=( 1 )
32766.5
##$RECO_map_min=( 1 )
-23611.7701080939
##$RECO_map_max=( 1 )
23611.7701080939
##$RECO_map_offset=( 1 )
0
##$RECO_map_slope=( 1 )
1.38771891518493
##$RECO_byte_order=littleEndian
$$ @vis= RECO_transposition RECO_image_type RECO_wordtype RECO_map_mode
##$RECO_time=<2016-04-29T13:35:40,255+0200>
##$RECO_abs_time=(1461929740, 255, 120)
##$RECO_base_image_uid=( 65 )
<2.16.756.5.5.100.9223372038318587646.2521.1461929740.1>
##$RecoUserUpdate=Yes
##$RecoReverseSegment=0
##$RecoB0DemodOff=0
##$RecoB0DemodDelay=0
##$RecoFTOrder=( 2 )
-1 -1
##$RecoHalfFT=( 2 )
No No
$$ @vis= RECO_byte_order RecoUserUpdate RecoB0DemodOff RecoWindow RecoFTOrder
##$RecoHalfFTPos=( 2 )
36 201
##$RecoCorrPhase=RecoCorrPhaseOff
##$RecoCorrPhaseRef=-1
##$RECO_map_user_slope=1
##$RECO_map_user_offset=0
##$RecoNumInputChan=4
$$ @vis= RecoHalfFT RecoHalfFTPos RecoCorrPhase RecoCorrPhaseRef RecoMap
##$RecoScaleChan=( 4 )
0.92 1 0.82 0.82
##$RecoPhaseChan=( 4 )
0 0 0 0
##$RecoCombineMode=SumOfSquares
##$RecoSortDim=1
$$ @vis= RecoNumInputChan RecoScaleChan RecoPhaseChan RecoCombineMode
##$RecoSortSize=( 1 )
402
##$RecoSortRange=( 1 )
402
##$RecoSortSegment=( 1 )
0
##$RecoSortMaps=( 402 )
0 1 2 3 4 5 6 7 8 9 10 11 12 13 14 15 16 17 18 19 20 21 22 23 24 25 26 27 28 
29 30 31 32 33 34 35 36 37 38 39 40 41 42 43 44 45 46 47 48 49 50 51 52 53 54 
55 56 57 58 59 60 61 62 63 64 65 66 67 68 69 70 71 72 73 74 75 76 77 78 79 80 
81 82 83 84 85 86 87 88 89 90 91 92 93 94 95 96 97 98 99 100 101 102 103 104 
105 106 107 108 109 110 111 112 113 114 115 116 117 118 119 120 121 122 123 
124 125 126 127 128 129 130 131 132 133 134 135 136 137 138 139 140 141 142 
143 144 145 146 147 148 149 150 151 152 153 154 155 156 157 158 159 160 161 
162 163 164 165 166 167 168 169 170 171 172 173 174 175 176 177 178 179 180 
181 182 183 184 185 186 187 188 189 190 191 192 193 194 195 196 197 198 199 
200 201 202 203 204 205 206 207 208 209 210 211 212 213 214 215 216 217 218 
219 220 221 222 223 224 225 226 227 228 229 230 231 232 233 234 235 236 237 
238 239 240 241 242 243 244 245 246 247 248 249 250 251 252 253 254 255 256 
257 258 259 260 261 262 263 264 265 266 267 268 269 270 271 272 273 274 275 
276 277 278 279 280 281 282 283 284 285 286 287 288 289 290 291 292 293 294 
295 296 297 298 299 300 301 302 303 304 305 306 307 308 309 310 311 312 313 
314 315 316 317 318 319 320 321 322 323 324 325 326 327 328 329 330 331 332 
333 334 335 336 337 338 339 340 341 342 343 344 345 346 347 348 349 350 351 
352 353 354 355 356 357 358 359 360 361 362 363 364 365 366 367 368 369 370 
371 372 373 374 375 376 377 378 379 380 381 382 383 384 385 386 387 388 389 
390 391 392 393 394 395 396 397 398 399 400 401
$$ @vis= RecoSortDim RecoSortSize RecoSortRange RecoSortSegment RecoSortMaps
##$RecoGrappaAccelFactor=1
##$RecoGrappaKernelRead=0
##$RecoGrappaKernelPhase=0
##$RecoGrappaNumRefRead=0
##$RecoGrappaNumRefPhase=0
##$RecoGrappaIncludeRefLines=Yes
##$RecoGrappaReadCenter=0
##$RecoGrappaPhaseCenter=0
##$RecoGrappaTruncThresh=-1
##$RecoRegridN=On
##$RecoRegridNPoints=71
$$ @vis= RecoSortGroup RecoGrappaAccelFactor RecoGrappaGroup RecoRegridN
##$RecoRegridNInterleaves=402
##$RecoRegridNTrajType=RecoRegridNTrajRadial
##$RecoRegridNTrajFile=( 2048 )
</opt/PV6.0.1/data/AnetaM/20160429_111153_NMR13_1_1/32/traj>
$$ @vis= RecoRegridNPoints RecoRegridNInterleaves RecoRegridNTrajType
##$RecoRegridNDensCorr=RecoRegridNDCPre
##$RecoRegridNTrajFileDC=( 2048 )
</opt/PV6.0.1/data/AnetaM/20160429_111153_NMR13_1_1/32/traj>
##$RecoRegridNDim=2
$$ @vis= RecoRegridNTrajFile RecoRegridNDensCorr RecoRegridNTrajFileDC
##$RecoRegridNFtSize=( 2 )
256 256
##$RecoRegridNOffset=( 2, 1 )
64 64
##$RecoRegridNSetDefaults=On
$$ @vis= RecoRegridNDim RecoRegridNFtSize RecoRegridNOffset
##$RecoRegridNAutoSet=On
##$RecoRegridNOver=2
##$RecoRegridNError=0.01
$$ @vis= RecoRegridNSetDefaults RecoRegridNAutoSet RecoRegridNOver
##$RecoRegridNKernelWidth=2.7684005101055
##$RecoRegridNKernelShapeParameter=5.88662983410433
$$ @vis= RecoRegridNError RecoRegridNKernelWidth
##$RecoRegridNKernelSamplingDensity=10
$$ @vis= RecoRegridNKernelShapeParameter RecoRegridNKernelSamplingDensity
##$RecoStageNrPasses=6
##$RecoStagePasses=( 6 )
(<FIRSTPASS>, 0) (<REGRIDNPASS>, 1) (<FTPASS0>, 2) (<FTPASS1>, 3) (<PREPPASS>,
 4) (<MAPPASS>, 5)
##$RecoStageNrNodes=126
##$RecoStageNodes=( 126 )
(<merge>, 0, <RecoQueueSource 
Source0{queueId=0;nr=1;procDim=1;dim=2;sizes={142,804}
;baseField=REAL;verbose=false;initOnce=true}>) (<merge>, 0, <RecoQueueSource 
Source1{queueId=1;nr=1;procDim=1;dim=2;sizes={142,804}
;baseField=REAL;verbose=false;initOnce=true}>) (<merge>, 0, <RecoQueueSource 
Source2{queueId=2;nr=1;procDim=1;dim=2;sizes={142,804}
;baseField=REAL;verbose=false;initOnce=true}>) (<merge>, 0, <RecoQueueSource 
Source3{queueId=3;nr=1;procDim=1;dim=2;sizes={142,804}
;baseField=REAL;verbose=false;initOnce=true}>) (<merge>, 0, 
<RecoCombineFilter Combine{verbose=false;dim=1}>) (<merge>, 0, <RecoQueueSink 
Sink{verbose=false;initOnce=true;}>) (<input>, 0, <RecoFileSource 
Q{numChan=4;byteOrder=\<BYTORDA\>;contData=false;initFromACQP=true;}>) 
(<input>, 0, <RecoQueueSink S{initQueue=true;initOnce=true;}>) (<compute>, 0, 
<RecoQueueSource Q0{initFromACQP=true;initOnce=true;}>) (<compute>, 0, 
<RecoBufferSink S0{procDim=1;frameDim=2;bufferId="FIRSTPASS0";memId="out0"}>) 
(<compute>, 0, <RecoBufferSink 
S1{procDim=1;frameDim=2;bufferId="FIRSTPASS1";memId="out1"}>) (<compute>, 0, 
<RecoBufferSink S2{procDim=1;frameDim=2;bufferId="FIRSTPASS2";memId="out2"}>) 
(<compute>, 0, <RecoBufferSink 
S3{procDim=1;frameDim=2;bufferId="FIRSTPASS3";memId="out3"}>) (<compute>, 0, 
<RecoSplitFilter SP0{dim=1; keepBlocksize=1}>) (<compute>, 0, <RecoCastFilter 
CAST0{dataRep=FLOAT; wordSize=8}>) (<compute>, 0, <RecoSortFilter 
REORD0{sortDim=\<RecoSortDim\>; sortSize=\<RecoSortSize\>; 
sortRange=\<RecoSortRange\>; sortSegment=\<RecoSortSegment\>; 
sortMaps=\<RecoSortMaps\>; frameDim = 2}>) (<compute>, 0, <RecoCastFilter 
CAST1{dataRep=FLOAT; wordSize=8}>) (<compute>, 0, <RecoSortFilter 
REORD1{sortDim=\<RecoSortDim\>; sortSize=\<RecoSortSize\>; 
sortRange=\<RecoSortRange\>; sortSegment=\<RecoSortSegment\>; 
sortMaps=\<RecoSortMaps\>; frameDim = 2}>) (<compute>, 0, <RecoCastFilter 
CAST2{dataRep=FLOAT; wordSize=8}>) (<compute>, 0, <RecoSortFilter 
REORD2{sortDim=\<RecoSortDim\>; sortSize=\<RecoSortSize\>; 
sortRange=\<RecoSortRange\>; sortSegment=\<RecoSortSegment\>; 
sortMaps=\<RecoSortMaps\>; frameDim = 2}>) (<compute>, 0, <RecoCastFilter 
CAST3{dataRep=FLOAT; wordSize=8}>) (<compute>, 0, <RecoSortFilter 
REORD3{sortDim=\<RecoSortDim\>; sortSize=\<RecoSortSize\>; 
sortRange=\<RecoSortRange\>; sortSegment=\<RecoSortSegment\>; 
sortMaps=\<RecoSortMaps\>; frameDim = 2}>) (<compute>, 1, <RecoBufferSource 
Q0{procDim=2;frameDim=2;bufferId="FIRSTPASS0";memId="out0"}>) (<compute>, 1, 
<RecoBufferSource Q1{procDim=2;frameDim=2;bufferId="FIRSTPASS1";memId="out1"}>
) (<compute>, 1, <RecoBufferSource 
Q2{procDim=2;frameDim=2;bufferId="FIRSTPASS2";memId="out2"}>) (<compute>, 1, 
<RecoBufferSource Q3{procDim=2;frameDim=2;bufferId="FIRSTPASS3";memId="out3"}>
) (<compute>, 1, <RecoBufferSink 
S0{procDim=2;frameDim=2;bufferId="REGRIDNPASS0";memId="in0"}>) (<compute>, 1, 
<RecoBufferSink S1{procDim=2;frameDim=2;bufferId="REGRIDNPASS1";memId="in1"}>)
 (<compute>, 1, <RecoBufferSink 
S2{procDim=2;frameDim=2;bufferId="REGRIDNPASS2";memId="in2"}>) (<compute>, 1, 
<RecoBufferSink S3{procDim=2;frameDim=2;bufferId="REGRIDNPASS3";memId="in3"}>)
 (<compute>, 1, <RecoFileSource QT0{dataRep = FLOAT; wordSize = 8; baseField 
= REAL; repeatMode = true; nr = \<NR\>; dim = 3; procDim = 3; sizes = {2, 71, 
402}; filename = "/opt/PV6.0.1/data/AnetaM/20160429_111153_NMR13_1_1/32/traj"}
>) (<compute>, 1, <RecoFileSource QDC0{dataRep = FLOAT; wordSize = 8; 
baseField = REAL; repeatMode = true; nr = \<NR\>; dim = 3; procDim = 3; sizes 
= {2, 71, 402}; filename = 
"/opt/PV6.0.1/data/AnetaM/20160429_111153_NMR13_1_1/32/traj"}>) (<compute>, 1,
 <RecoRegridDensCorrFilter DC0{type = "rho"}>) (<compute>, 1, <RecoMultFilter 
MULT0>) (<compute>, 1, <RecoRegridNFilter REGRID0{outputX = 256; outputY = 
256; outputZ = 1; kernelWidth = \<RecoRegridNKernelWidth\>; kernelShapePar = 
\<RecoRegridNKernelShapeParameter\>; kernelSampDens = 
\<RecoRegridNKernelSamplingDensity\>; postCorrection = 0}>) (<compute>, 1, 
<RecoFileSource QT1{dataRep = FLOAT; wordSize = 8; baseField = REAL; 
repeatMode = true; nr = \<NR\>; dim = 3; procDim = 3; sizes = {2, 71, 402}; 
filename = "/opt/PV6.0.1/data/AnetaM/20160429_111153_NMR13_1_1/32/traj"}>) 
(<compute>, 1, <RecoFileSource QDC1{dataRep = FLOAT; wordSize = 8; baseField 
= REAL; repeatMode = true; nr = \<NR\>; dim = 3; procDim = 3; sizes = {2, 71, 
402}; filename = "/opt/PV6.0.1/data/AnetaM/20160429_111153_NMR13_1_1/32/traj"}
>) (<compute>, 1, <RecoRegridDensCorrFilter DC1{type = "rho"}>) (<compute>, 1,
 <RecoMultFilter MULT1>) (<compute>, 1, <RecoRegridNFilter REGRID1{outputX = 
256; outputY = 256; outputZ = 1; kernelWidth = \<RecoRegridNKernelWidth\>; 
kernelShapePar = \<RecoRegridNKernelShapeParameter\>; kernelSampDens = 
\<RecoRegridNKernelSamplingDensity\>; postCorrection = 0}>) (<compute>, 1, 
<RecoFileSource QT2{dataRep = FLOAT; wordSize = 8; baseField = REAL; 
repeatMode = true; nr = \<NR\>; dim = 3; procDim = 3; sizes = {2, 71, 402}; 
filename = "/opt/PV6.0.1/data/AnetaM/20160429_111153_NMR13_1_1/32/traj"}>) 
(<compute>, 1, <RecoFileSource QDC2{dataRep = FLOAT; wordSize = 8; baseField 
= REAL; repeatMode = true; nr = \<NR\>; dim = 3; procDim = 3; sizes = {2, 71, 
402}; filename = "/opt/PV6.0.1/data/AnetaM/20160429_111153_NMR13_1_1/32/traj"}
>) (<compute>, 1, <RecoRegridDensCorrFilter DC2{type = "rho"}>) (<compute>, 1,
 <RecoMultFilter MULT2>) (<compute>, 1, <RecoRegridNFilter REGRID2{outputX = 
256; outputY = 256; outputZ = 1; kernelWidth = \<RecoRegridNKernelWidth\>; 
kernelShapePar = \<RecoRegridNKernelShapeParameter\>; kernelSampDens = 
\<RecoRegridNKernelSamplingDensity\>; postCorrection = 0}>) (<compute>, 1, 
<RecoFileSource QT3{dataRep = FLOAT; wordSize = 8; baseField = REAL; 
repeatMode = true; nr = \<NR\>; dim = 3; procDim = 3; sizes = {2, 71, 402}; 
filename = "/opt/PV6.0.1/data/AnetaM/20160429_111153_NMR13_1_1/32/traj"}>) 
(<compute>, 1, <RecoFileSource QDC3{dataRep = FLOAT; wordSize = 8; baseField 
= REAL; repeatMode = true; nr = \<NR\>; dim = 3; procDim = 3; sizes = {2, 71, 
402}; filename = "/opt/PV6.0.1/data/AnetaM/20160429_111153_NMR13_1_1/32/traj"}
>) (<compute>, 1, <RecoRegridDensCorrFilter DC3{type = "rho"}>) (<compute>, 1,
 <RecoMultFilter MULT3>) (<compute>, 1, <RecoRegridNFilter REGRID3{outputX = 
256; outputY = 256; outputZ = 1; kernelWidth = \<RecoRegridNKernelWidth\>; 
kernelShapePar = \<RecoRegridNKernelShapeParameter\>; kernelSampDens = 
\<RecoRegridNKernelSamplingDensity\>; postCorrection = 0}>) (<compute>, 2, 
<RecoBufferSource Q0{procDim=2;frameDim=2;bufferId="REGRIDNPASS0";memId="in0"}
>) (<compute>, 2, <RecoBufferSource 
Q1{procDim=2;frameDim=2;bufferId="REGRIDNPASS1";memId="in1"}>) (<compute>, 2, 
<RecoBufferSource Q2{procDim=2;frameDim=2;bufferId="REGRIDNPASS2";memId="in2"}
>) (<compute>, 2, <RecoBufferSource 
Q3{procDim=2;frameDim=2;bufferId="REGRIDNPASS3";memId="in3"}>) (<compute>, 2, 
<RecoBufferSink S0{procDim=2;frameDim=2;bufferId="FTPASS00";memId="out0"}>) 
(<compute>, 2, <RecoBufferSink 
S1{procDim=2;frameDim=2;bufferId="FTPASS01";memId="out1"}>) (<compute>, 2, 
<RecoBufferSink S2{procDim=2;frameDim=2;bufferId="FTPASS02";memId="out2"}>) 
(<compute>, 2, <RecoBufferSink 
S3{procDim=2;frameDim=2;bufferId="FTPASS03";memId="out3"}>) (<compute>, 2, 
<RecoFTShiftFilter FTS0{frameDim=2; winDirection=0; shift=\<RECO_rotate[0]\>; 
exponent=1}>) (<compute>, 2, <RecoFTFilter FT0{direction=0;exponent=1;}>) 
(<compute>, 2, <RecoFTShiftFilter FTS1{frameDim=2; winDirection=0; 
shift=\<RECO_rotate[0]\>; exponent=1}>) (<compute>, 2, <RecoFTFilter 
FT1{direction=0;exponent=1;}>) (<compute>, 2, <RecoFTShiftFilter 
FTS2{frameDim=2; winDirection=0; shift=\<RECO_rotate[0]\>; exponent=1}>) 
(<compute>, 2, <RecoFTFilter FT2{direction=0;exponent=1;}>) (<compute>, 2, 
<RecoFTShiftFilter FTS3{frameDim=2; winDirection=0; shift=\<RECO_rotate[0]\>; 
exponent=1}>) (<compute>, 2, <RecoFTFilter FT3{direction=0;exponent=1;}>) 
(<compute>, 3, <RecoBufferSource 
Q0{procDim=1;frameDim=2;bufferId="FTPASS00";memId="out0"}>) (<compute>, 3, 
<RecoBufferSource Q1{procDim=1;frameDim=2;bufferId="FTPASS01";memId="out1"}>) 
(<compute>, 3, <RecoBufferSource 
Q2{procDim=1;frameDim=2;bufferId="FTPASS02";memId="out2"}>) (<compute>, 3, 
<RecoBufferSource Q3{procDim=1;frameDim=2;bufferId="FTPASS03";memId="out3"}>) 
(<compute>, 3, <RecoBufferSink 
S0{procDim=1;frameDim=2;bufferId="FTPASS10";memId="in0"}>) (<compute>, 3, 
<RecoBufferSink S1{procDim=1;frameDim=2;bufferId="FTPASS11";memId="in1"}>) 
(<compute>, 3, <RecoBufferSink 
S2{procDim=1;frameDim=2;bufferId="FTPASS12";memId="in2"}>) (<compute>, 3, 
<RecoBufferSink S3{procDim=1;frameDim=2;bufferId="FTPASS13";memId="in3"}>) 
(<compute>, 3, <RecoFTShiftFilter FTS0{frameDim=2; winDirection=1; 
shift=\<RECO_rotate[1]\>; exponent=1}>) (<compute>, 3, <RecoFTFilter 
FT0{direction=1;exponent=1;}>) (<compute>, 3, <RecoFTShiftFilter 
FTS1{frameDim=2; winDirection=1; shift=\<RECO_rotate[1]\>; exponent=1}>) 
(<compute>, 3, <RecoFTFilter FT1{direction=1;exponent=1;}>) (<compute>, 3, 
<RecoFTShiftFilter FTS2{frameDim=2; winDirection=1; shift=\<RECO_rotate[1]\>; 
exponent=1}>) (<compute>, 3, <RecoFTFilter FT2{direction=1;exponent=1;}>) 
(<compute>, 3, <RecoFTShiftFilter FTS3{frameDim=2; winDirection=1; 
shift=\<RECO_rotate[1]\>; exponent=1}>) (<compute>, 3, <RecoFTFilter 
FT3{direction=1;exponent=1;}>) (<compute>, 4, <RecoBufferSource 
Q0{procDim=2;frameDim=2;bufferId="FTPASS10";memId="in0"}>) (<compute>, 4, 
<RecoBufferSource Q1{procDim=2;frameDim=2;bufferId="FTPASS11";memId="in1"}>) 
(<compute>, 4, <RecoBufferSource 
Q2{procDim=2;frameDim=2;bufferId="FTPASS12";memId="in2"}>) (<compute>, 4, 
<RecoBufferSource Q3{procDim=2;frameDim=2;bufferId="FTPASS13";memId="in3"}>) 
(<compute>, 4, <RecoBufferSink 
S0{procDim=2;frameDim=2;bufferId="PREPPASS0";memId="out0"}>) (<compute>, 4, 
<RecoCutoffFilter CUT0{sizes=\<RECO_size\>; frameDim=2; 
offset=\<RecoRegridNOffset\>;}>) (<compute>, 4, <RecoCutoffFilter 
CUT1{sizes=\<RECO_size\>; frameDim=2; offset=\<RecoRegridNOffset\>;}>) 
(<compute>, 4, <RecoCutoffFilter CUT2{sizes=\<RECO_size\>; frameDim=2; 
offset=\<RecoRegridNOffset\>;}>) (<compute>, 4, <RecoCutoffFilter 
CUT3{sizes=\<RECO_size\>; frameDim=2; offset=\<RecoRegridNOffset\>;}>) 
(<compute>, 4, <RecoRegridApodCorrFilter AC00{winDirection = 0; size = 256; 
kernelWidth = \<RecoRegridNKernelWidth\>; kernelShapePar = 
\<RecoRegridNKernelShapeParameter\>}>) (<compute>, 4, 
<RecoRegridApodCorrFilter AC01{winDirection = 0; size = 256; kernelWidth = 
\<RecoRegridNKernelWidth\>; kernelShapePar = 
\<RecoRegridNKernelShapeParameter\>}>) (<compute>, 4, 
<RecoRegridApodCorrFilter AC02{winDirection = 0; size = 256; kernelWidth = 
\<RecoRegridNKernelWidth\>; kernelShapePar = 
\<RecoRegridNKernelShapeParameter\>}>) (<compute>, 4, 
<RecoRegridApodCorrFilter AC03{winDirection = 0; size = 256; kernelWidth = 
\<RecoRegridNKernelWidth\>; kernelShapePar = 
\<RecoRegridNKernelShapeParameter\>}>) (<compute>, 4, 
<RecoRegridApodCorrFilter AC10{winDirection = 1; size = 256; kernelWidth = 
\<RecoRegridNKernelWidth\>; kernelShapePar = 
\<RecoRegridNKernelShapeParameter\>}>) (<compute>, 4, 
<RecoRegridApodCorrFilter AC11{winDirection = 1; size = 256; kernelWidth = 
\<RecoRegridNKernelWidth\>; kernelShapePar = 
\<RecoRegridNKernelShapeParameter\>}>) (<compute>, 4, 
<RecoRegridApodCorrFilter AC12{winDirection = 1; size = 256; kernelWidth = 
\<RecoRegridNKernelWidth\>; kernelShapePar = 
\<RecoRegridNKernelShapeParameter\>}>) (<compute>, 4, 
<RecoRegridApodCorrFilter AC13{winDirection = 1; size = 256; kernelWidth = 
\<RecoRegridNKernelWidth\>; kernelShapePar = 
\<RecoRegridNKernelShapeParameter\>}>) (<compute>, 4, <RecoMaskFilter MASK0>) 
(<compute>, 4, <RecoMaskFilter MASK1>) (<compute>, 4, <RecoMaskFilter MASK2>) 
(<compute>, 4, <RecoMaskFilter MASK3>) (<compute>, 4, <RecoScaleFilter 
SCALE0{scaleFactor=\<RecoScaleChan[0]\>; phaseOffset=\<RecoPhaseChan[0]\>}>) 
(<compute>, 4, <RecoScaleFilter SCALE1{scaleFactor=\<RecoScaleChan[1]\>; 
phaseOffset=\<RecoPhaseChan[1]\>}>) (<compute>, 4, <RecoScaleFilter 
SCALE2{scaleFactor=\<RecoScaleChan[2]\>; phaseOffset=\<RecoPhaseChan[2]\>}>) 
(<compute>, 4, <RecoScaleFilter SCALE3{scaleFactor=\<RecoScaleChan[3]\>; 
phaseOffset=\<RecoPhaseChan[3]\>}>) (<compute>, 4, <RecoSumOfSquaresFilter 
SOS0>) (<compute>, 4, <RecoMagnitudeFilter G0>) (<compute>, 4, 
<RecoTransposeFilter TP0{transpose=\<RECO_transposition\>;}>) (<compute>, 4, 
<RecoMinMaxFilter M0{map_min=\<RECO_map_min\>;map_max=\<RECO_map_max\>;}>) 
(<compute>, 5, <RecoBufferSource 
Q0{procDim=2;frameDim=2;bufferId="PREPPASS0";memId="out0"}>) (<compute>, 5, 
<RecoQueueSink S0>) (<compute>, 5, <RecoMapFilter 
MAP0{symmetricMode=true;minima=\<RECO_minima\>;maxima=\<RECO_maxima\>;slope=\<RECO_map_slope\>;offset=\<RECO_map_offset\>;map_min=\<RECO_map_min\>;map_max=\<RECO_map_max\>;rangeMin=-32766.500000;rangeMax=32766.500000;perObjectMode=false;cutoffMode=true;}>) (<compute>, 5, <RecoCastFilter CAST0{dataRep=SIGNED;wordSize=2}>) (<output>, 5, <RecoQueueSource Q{procDim=2;initFromRECO=true;initOnce=true;}>) (<output>, 5, <RecoImageDisplayFilter DISP{showAll=true;}>) (<output>, 5, <RecoFileSink S{writePars=true;shuffle=false;filename="2dseq";numChans=1;}>) (<compute>, 0, <RecoFileSource TRAJ_B0CORR_Q0{dataRep = FLOAT; wordSize = 8; baseField = COMPLEX; repeatMode = true; nr = \<NR\>; filename = "/opt/PV6.0.1/data/AnetaM/20160429_111153_NMR13_1_1/32/b0"; dim = 2; procDim = 2; sizes = {71, 402}}>) (<compute>, 0, <RecoMultFilter TRAJ_B0CORR_MULT0>) (<compute>, 0, <RecoFileSource TRAJ_B0CORR_Q1{dataRep = FLOAT; wordSize = 8; baseField = COMPLEX; repeatMode = true; nr = \<NR\>; filename = "/opt/PV6.0.1/data/AnetaM/20160429_111153_NMR13_1_1/32/b0"; dim = 2; procDim = 2; sizes = {71, 402}}>) (<compute>, 0, <RecoMultFilter TRAJ_B0CORR_MULT1>) (<compute>, 0, <RecoFileSource TRAJ_B0CORR_Q2{dataRep = FLOAT; wordSize = 8; baseField = COMPLEX; repeatMode = true; nr = \<NR\>; filename = "/opt/PV6.0.1/data/AnetaM/20160429_111153_NMR13_1_1/32/b0"; dim = 2; procDim = 2; sizes = {71, 402}}>) (<compute>, 0, <RecoMultFilter TRAJ_B0CORR_MULT2>) (<compute>, 0, <RecoFileSource TRAJ_B0CORR_Q3{dataRep = FLOAT; wordSize = 8; baseField = COMPLEX; repeatMode = true; nr = \<NR\>; filename = "/opt/PV6.0.1/data/AnetaM/20160429_111153_NMR13_1_1/32/b0"; dim = 2; procDim = 2; sizes = {71, 402}}>) (<compute>, 0, <RecoMultFilter TRAJ_B0CORR_MULT3>)
$$ @vis= RecoRegridNGroup RecoStageNrPasses RecoStagePasses RecoStageNrNodes
##$RecoStageNrEdges=108
##$RecoStageEdges=( 108 )
(<merge>, 0, <Source0-\>Combine>) (<merge>, 0, <Source1-\>Combine>) (<merge>, 
0, <Source2-\>Combine>) (<merge>, 0, <Source3-\>Combine>) (<merge>, 0, 
<Combine-\>Sink>) (<input>, 0, <Q-\>S>) (<compute>, 0, <Q0-\>SP0>) (<compute>,
 0, <SP0-\>CAST0>) (<compute>, 0, <SP0-\>CAST1>) (<compute>, 0, <SP0-\>CAST2>)
 (<compute>, 0, <SP0-\>CAST3>) (<compute>, 0, <CAST0-\>REORD0>) (<compute>, 0,
 <REORD0-\>TRAJ_B0CORR_MULT0>) (<compute>, 0, <CAST1-\>REORD1>) (<compute>, 0,
 <REORD1-\>TRAJ_B0CORR_MULT1>) (<compute>, 0, <CAST2-\>REORD2>) (<compute>, 0,
 <REORD2-\>TRAJ_B0CORR_MULT2>) (<compute>, 0, <CAST3-\>REORD3>) (<compute>, 0,
 <REORD3-\>TRAJ_B0CORR_MULT3>) (<compute>, 1, <QDC0-\>DC0>) (<compute>, 1, 
<Q0-\>MULT0>) (<compute>, 1, <DC0-\>MULT0>) (<compute>, 1, <MULT0-\>REGRID0>) 
(<compute>, 1, <REGRID0-\>S0>) (<compute>, 1, <QT0-\>REGRID0.traj>) (<compute>
, 1, <QDC1-\>DC1>) (<compute>, 1, <Q1-\>MULT1>) (<compute>, 1, <DC1-\>MULT1>) 
(<compute>, 1, <MULT1-\>REGRID1>) (<compute>, 1, <REGRID1-\>S1>) (<compute>, 
1, <QT1-\>REGRID1.traj>) (<compute>, 1, <QDC2-\>DC2>) (<compute>, 1, 
<Q2-\>MULT2>) (<compute>, 1, <DC2-\>MULT2>) (<compute>, 1, <MULT2-\>REGRID2>) 
(<compute>, 1, <REGRID2-\>S2>) (<compute>, 1, <QT2-\>REGRID2.traj>) (<compute>
, 1, <QDC3-\>DC3>) (<compute>, 1, <Q3-\>MULT3>) (<compute>, 1, <DC3-\>MULT3>) 
(<compute>, 1, <MULT3-\>REGRID3>) (<compute>, 1, <REGRID3-\>S3>) (<compute>, 
1, <QT3-\>REGRID3.traj>) (<compute>, 2, <Q0-\>FTS0>) (<compute>, 2, 
<Q1-\>FTS1>) (<compute>, 2, <Q2-\>FTS2>) (<compute>, 2, <Q3-\>FTS3>) 
(<compute>, 2, <FTS0-\>FT0>) (<compute>, 2, <FT0-\>S0>) (<compute>, 2, 
<FTS1-\>FT1>) (<compute>, 2, <FT1-\>S1>) (<compute>, 2, <FTS2-\>FT2>) 
(<compute>, 2, <FT2-\>S2>) (<compute>, 2, <FTS3-\>FT3>) (<compute>, 2, 
<FT3-\>S3>) (<compute>, 3, <Q0-\>FTS0>) (<compute>, 3, <Q1-\>FTS1>) (<compute>
, 3, <Q2-\>FTS2>) (<compute>, 3, <Q3-\>FTS3>) (<compute>, 3, <FTS0-\>FT0>) 
(<compute>, 3, <FT0-\>S0>) (<compute>, 3, <FTS1-\>FT1>) (<compute>, 3, 
<FT1-\>S1>) (<compute>, 3, <FTS2-\>FT2>) (<compute>, 3, <FT2-\>S2>) (<compute>
, 3, <FTS3-\>FT3>) (<compute>, 3, <FT3-\>S3>) (<compute>, 4, <Q0-\>CUT0>) 
(<compute>, 4, <Q1-\>CUT1>) (<compute>, 4, <Q2-\>CUT2>) (<compute>, 4, 
<Q3-\>CUT3>) (<compute>, 4, <CUT0-\>AC00>) (<compute>, 4, <CUT1-\>AC01>) 
(<compute>, 4, <CUT2-\>AC02>) (<compute>, 4, <CUT3-\>AC03>) (<compute>, 4, 
<AC00-\>AC10>) (<compute>, 4, <AC01-\>AC11>) (<compute>, 4, <AC02-\>AC12>) 
(<compute>, 4, <AC03-\>AC13>) (<compute>, 4, <AC10-\>MASK0>) (<compute>, 4, 
<AC11-\>MASK1>) (<compute>, 4, <AC12-\>MASK2>) (<compute>, 4, <AC13-\>MASK3>) 
(<compute>, 4, <MASK0-\>SCALE0>) (<compute>, 4, <MASK1-\>SCALE1>) (<compute>, 
4, <MASK2-\>SCALE2>) (<compute>, 4, <MASK3-\>SCALE3>) (<compute>, 4, 
<SCALE0-\>SOS0.0>) (<compute>, 4, <SCALE1-\>SOS0.1>) (<compute>, 4, 
<SCALE2-\>SOS0.2>) (<compute>, 4, <SCALE3-\>SOS0.3>) (<compute>, 4, 
<SOS0-\>G0>) (<compute>, 4, <G0-\>TP0>) (<compute>, 4, <TP0-\>M0>) (<compute>,
 4, <M0-\>S0>) (<compute>, 5, <Q0-\>MAP0>) (<compute>, 5, <MAP0-\>CAST0>) 
(<compute>, 5, <CAST0-\>S0>) (<output>, 5, <Q-\>DISP>) (<output>, 5, 
<DISP-\>S>) (<compute>, 0, <TRAJ_B0CORR_MULT0-\>S0>) (<compute>, 0, 
<TRAJ_B0CORR_Q0-\>TRAJ_B0CORR_MULT0>) (<compute>, 0, <TRAJ_B0CORR_MULT1-\>S1>)
 (<compute>, 0, <TRAJ_B0CORR_Q1-\>TRAJ_B0CORR_MULT1>) (<compute>, 0, 
<TRAJ_B0CORR_MULT2-\>S2>) (<compute>, 0, <TRAJ_B0CORR_Q2-\>TRAJ_B0CORR_MULT2>)
 (<compute>, 0, <TRAJ_B0CORR_MULT3-\>S3>) (<compute>, 0, 
<TRAJ_B0CORR_Q3-\>TRAJ_B0CORR_MULT3>)
$$ @vis= RecoStageNodes RecoStageNrEdges RecoStageEdges RecoStageGroup
##$GS_reco_display=Yes
##$GO_reco_display=Yes
##$GO_reco_each_nr=No
##$GO_max_reco_mem=0
$$ @vis= RecoModeUser GS_reco_display RECO_GS GO_reco_display GO_reco_each_nr
##$RecoPrototype=No
$$ @vis= GO_max_reco_mem RECO_GO RecoPrototype RECO
##END=
$$ File finished by PARX at 2016-04-29 13:35:40.259 +0200
