##TITLE=Parameter List, ParaVision 6.0.1
##JCAMPDX=4.24
##DATATYPE=Parameter Values
##ORIGIN=Bruker BioSpin MRI GmbH
##OWNER=xxx
$$ process /opt/PV6.0.1/prog/mod/acq_out
##$VisuVersion=3
##$VisuUid=( 65 )
<2.16.756.5.5.100.9223372038318587646.2521.1461929740.1>
##$VisuCreator=( 65 )
<ParaVision>
##$VisuCreatorVersion=( 65 )
<6.0.1>
##$VisuCreationDate=<2016-04-29T13:35:40,255+0200>
##$VisuInstanceModality=( 65 )
<MR>
##$VisuCoreFrameCount=1
##$VisuCoreDim=2
##$VisuCoreSize=( 2 )
128 128
##$VisuCoreDimDesc=( 2 )
spatial spatial
##$VisuCoreExtent=( 2 )
40 40
##$VisuCoreFrameThickness=( 1 )
0.5
##$VisuCoreUnits=( 2, 65 )
<mm> <mm>
##$VisuCoreOrientation=( 1, 9 )
0 1 0 0 0 -1 -1 0 0
##$VisuCorePosition=( 1, 3 )
-0.79 -20 20
##$VisuCoreDataMin=( 1 )
0
##$VisuCoreDataMax=( 1 )
32766.5
##$VisuCoreDataOffs=( 1 )
0
##$VisuCoreDataSlope=( 1 )
0.720607025715101
##$VisuCoreFrameType=( 1 )
MAGNITUDE_IMAGE
##$VisuCoreSlicePacksDef=(-1, 1)
##$VisuCoreSlicePacksSlices=( 1 )
(0, 1)
##$VisuCoreSlicePacksSliceDist=( 1 )
0.5
##$VisuCoreWordType=_16BIT_SGN_INT
##$VisuCoreByteOrder=littleEndian
##$VisuSubjectName=( 65 )
<NMR13>
##$VisuSubjectId=( 65 )
<NMR13>
##$VisuSubjectUid=( 65 )
<2.16.756.5.5.100.3611295486.18421.1461921113.3>
##$VisuSubjectInstanceCreationDate=(1461921113, 713, 120)
##$VisuSubjectBirthDate=( 9 )
<20160429>
##$VisuSubjectSex=MALE
##$VisuSubjectType=Quadruped
##$VisuStudyUid=( 65 )
<2.16.756.5.5.100.3611295486.18421.1461921113.4>
##$VisuStudyDate=<2016-04-29T11:11:53,713+0200>
##$VisuStudyId=( 65 )
<mouse-bone>
##$VisuStudyNumber=1
##$VisuSubjectWeight=0.001
##$VisuStudyReferringPhysician=( 65 )
<AnetaM>
##$VisuStudyDescription=( 2048 )
<\
>
##$VisuExperimentNumber=32
##$VisuProcessingNumber=1
##$VisuSeriesDate=<2016-04-29T13:35:40,255+0200>
##$VisuSubjectPosition=Foot_Prone
##$VisuSeriesTypeId=( 65 )
<ACQ_BRUKER_PVM>
##$VisuManufacturer=( 65 )
<Bruker BioSpin MRI GmbH>
##$VisuAcqSoftwareVersion=( 65 )
<6.0.1>
##$VisuInstitution=( 65 )
<UPT AV CR>
##$VisuStation=( 65 )
<BioSpec94/30>
##$VisuSystemOrderNumber=( 65 )
<1006872>
##$VisuAcqDate=<2016-04-29T13:35:10,112+0200>
##$VisuAcqEchoTrainLength=1
##$VisuAcqSequenceName=( 40 )
<Bruker:UTE>
##$VisuAcqNumberOfAverages=2
##$VisuAcqImagingFrequency=400.323889700005
##$VisuAcqImagedNucleus=( 8 )
<1H>
##$VisuAcqRepetitionTime=( 1 )
30
##$VisuAcqPhaseEncSteps=128
##$VisuAcqPixelBandwidth=781.25
##$VisuAcqFlipAngle=15
##$VisuAcqSize=( 2 )
128 128
##$VisuAcqImageSizeAccellerated=No
##$VisuAcqGradEncoding=( 2 )
phase_enc read_enc
##$VisuAcqEchoTime=( 1 )
0.538888439208046
##$VisuAcquisitionProtocol=( 65 )
<UTE>
##$VisuAcqScanTime=24120
##$VisuAcqAntiAlias=( 2 )
1 1
##$VisuAcqEchoSequenceType=Both
##$VisuAcqSpinsVelocityEncoded=No
##$VisuAcqHasTimeOfFlightContrast=No
##$VisuAcqIsEpiSequence=No
##$VisuAcqSpectralSuppression=FatSuppression
##$VisuAcqKSpaceTraversal=RadialTraversal
##$VisuAcqEncodingOrder=( 2 )
LinearEncoding LinearEncoding
##$VisuAcqKSpaceTrajectoryCnt=1
##$VisuAcqKSpaceFiltering=( 2 )
NO_WDW NO_WDW
##$VisuAcqFlowCompensation=FlowNone
##$VisuAcqSpoiling=GradientSpoiled
##$VisuAcqSaturation=( 4 )
(FovSaturation, 20, -1 -0 0, 10.6842 0 -0) (FovSaturation, 20, -1 -0 0, 
-12.1442 -0 0) (FovSaturation, 20, -0 -1 0, 0 14.9313 -0) (FovSaturation, 20, 
-0.104528463267653 -0 0.994521895368273, -2.37314562133206 -0 
22.5789723442958)
##$VisuAcqPartialFourier=( 2 )
1 1
##$VisuAcqParallelReductionFactor=( 2 )
1 1
##$VisuAcqMagnetizationTransfer=No
##$VisuAcqBloodSignalNulling=No
##$VisuCardiacSynchUsed=No
##$VisuRespSynchUsed=No
##END=
$$ File finished by PARX at 2016-04-29 13:35:40.330 +0200
